PATH
  remote: .
  specs:
    zoom-ruby-client (0.3.0)
      faraday (~> 0.15)
      jwt

GEM
  remote: https://rubygems.org/
  specs:
    ast (2.4.0)
    childprocess (3.0.0)
    codecov (0.1.16)
      json
      simplecov
      url
    coderay (1.1.2)
    docile (1.3.2)
    faraday (0.17.3)
      multipart-post (>= 1.2, < 3)
    iniparse (1.5.0)
    jaro_winkler (1.5.4)
    json (2.2.0)
    jwt (2.2.1)
    method_source (0.9.2)
    minitest (5.13.0)
    multipart-post (2.1.1)
    overcommit (0.53.0)
      childprocess (>= 0.6.3, < 4)
      iniparse (~> 1.4)
    parallel (1.19.1)
    parser (2.6.5.0)
      ast (~> 2.4.0)
    pry (0.12.2)
      coderay (~> 1.1.0)
      method_source (~> 0.9.0)
    rainbow (3.0.0)
    rake (12.3.3)
    rubocop (0.76.0)
      jaro_winkler (~> 1.5.1)
      parallel (~> 1.10)
      parser (>= 2.6)
      rainbow (>= 2.2.2, < 4.0)
      ruby-progressbar (~> 1.7)
      unicode-display_width (>= 1.4.0, < 1.7)
    rubocop-minitest (0.5.0)
      rubocop (>= 0.74)
    rubocop-performance (1.5.1)
      rubocop (>= 0.71.0)
    ruby-progressbar (1.10.1)
    simplecov (0.17.1)
      docile (~> 1.1)
      json (>= 1.8, < 3)
      simplecov-html (~> 0.10.0)
    simplecov-html (0.10.2)
    unicode-display_width (1.6.0)
    url (0.3.2)
    vcr (5.1.0)

PLATFORMS
  ruby

DEPENDENCIES
  bundler (~> 1.17)
  codecov
  minitest (~> 5.0)
  overcommit
  pry
  rake (~> 12.0)
  rubocop
  rubocop-minitest
  rubocop-performance
  simplecov
  vcr
  zoom-ruby-client!

BUNDLED WITH
   1.17.3
