PATH
  remote: .
  specs:
    zoom-ruby-client (0.4.0)
      faraday (~> 0.15)
      jwt

GEM
  remote: https://rubygems.org/
  specs:
    ast (2.4.1)
    childprocess (3.0.0)
    codecov (0.1.17)
      json
      simplecov
      url
    coderay (1.1.3)
    docile (1.3.2)
    faraday (0.17.3)
      multipart-post (>= 1.2, < 3)
    iniparse (1.5.0)
    json (2.3.0)
    jwt (2.2.1)
    method_source (1.0.0)
    minitest (5.14.1)
    multipart-post (2.1.1)
    overcommit (0.53.0)
      childprocess (>= 0.6.3, < 4)
      iniparse (~> 1.4)
    parallel (1.19.2)
    parser (2.7.1.4)
      ast (~> 2.4.1)
    pry (0.13.1)
      coderay (~> 1.1)
      method_source (~> 1.0)
    rainbow (3.0.0)
    rake (12.3.3)
    regexp_parser (1.7.1)
    rexml (3.2.4)
    rubocop (0.86.0)
      parallel (~> 1.10)
      parser (>= 2.7.0.1)
      rainbow (>= 2.2.2, < 4.0)
      regexp_parser (>= 1.7)
      rexml
      rubocop-ast (>= 0.0.3, < 1.0)
      ruby-progressbar (~> 1.7)
      unicode-display_width (>= 1.4.0, < 2.0)
    rubocop-ast (0.0.3)
      parser (>= 2.7.0.1)
    rubocop-minitest (0.9.0)
      rubocop (>= 0.74)
    rubocop-performance (1.6.1)
      rubocop (>= 0.71.0)
    ruby-progressbar (1.10.1)
    simplecov (0.18.5)
      docile (~> 1.1)
      simplecov-html (~> 0.11)
    simplecov-html (0.12.2)
    unicode-display_width (1.7.0)
    url (0.3.2)
    vcr (6.0.0)

PLATFORMS
  ruby

DEPENDENCIES
  bundler (~> 1.17)
  codecov
  minitest (~> 5.0)
  overcommit
  pry
  rake (~> 12.0)
  rubocop
  rubocop-minitest
  rubocop-performance
  simplecov
  vcr
  zoom-ruby-client!

BUNDLED WITH
   1.17.3
